GEM
  remote: https://rubygems.org/
  specs:
    activesupport (4.2.11)
      i18n (~> 0.7)
      minitest (~> 5.1)
      thread_safe (~> 0.3, >= 0.3.4)
      tzinfo (~> 1.1)
    bindata (2.1.0)
    concurrent-ruby (1.1.4)
    fit-parser (0.0.2)
      activesupport (~> 4.2.0)
      bindata (~> 2.1.0)
    gpx (1.0.0)
      nokogiri (~> 1.7)
      rake
    i18n (0.9.5)
      concurrent-ruby (~> 1.0)
    mini_portile2 (2.4.0)
    minitest (5.11.3)
    nokogiri (1.9.1)
      mini_portile2 (~> 2.4.0)
    rake (12.3.2)
    thread_safe (0.3.6)
    tzinfo (1.2.5)
      thread_safe (~> 0.1)

PLATFORMS
  ruby

DEPENDENCIES
  fit-parser
  gpx

BUNDLED WITH
   1.16.4
